GEM
  remote: https://rubygems.org/
  specs:
    addressable (2.5.2)
      public_suffix (>= 2.0.2, < 4.0)
    clap (1.0.0)
    coderay (1.1.2)
    crack (0.4.3)
      safe_yaml (~> 1.0.0)
    cuba (3.9.2)
      rack (>= 1.6.0)
    cutest (1.2.3)
      clap
    dotenv (2.5.0)
    hashdiff (0.3.7)
    json (2.1.0)
    method_source (0.9.0)
    mocoso (1.2.3)
    pry (0.11.3)
      coderay (~> 1.1.0)
      method_source (~> 0.9.0)
    public_suffix (3.0.3)
    rack (2.0.5)
    rack-test (1.1.0)
      rack (>= 1.0, < 3)
    safe_yaml (1.0.4)
    vcr (4.0.0)
    webmock (3.4.2)
      addressable (>= 2.3.6)
      crack (>= 0.3.2)
      hashdiff

PLATFORMS
  ruby

DEPENDENCIES
  cuba (~> 3.9)
  cutest (~> 1.2)
  dotenv (~> 2.4)
  json (~> 2.1)
  mocoso (~> 1.2)
  pry (~> 0.11)
  rack-test (~> 1.0)
  vcr (~> 4.0)
  webmock (~> 3.4)

RUBY VERSION
   ruby 2.5.0p0

BUNDLED WITH
   1.16.1
